{
	"TaskName": "task-rest",
	"Modality": "MR",
	"MagneticFieldStrength": 1.5,
	"Manufacturer": "Philips",
	"ManufacturersModelName": "Achieva",
	"InstitutionName": "IM-FUNDACION_FAVALORO",
	"InstitutionalDepartmentName": "Resonancia_Magnetica",
	"DeviceSerialNumber": "32302",
	"StationName": "PHILIPS-0C454FB",
	"BodyPartExamined": "HEAD",
	"PatientPosition": "HFS",
	"ProcedureStepDescription": "RM_DE_CEREBRO",
	"SoftwareVersions": "3.2.3_3.2.3.4",
	"MRAcquisitionType": "2D",
	"SeriesDescription": "REPOSO",
	"ProtocolName": "REPOSO_SENSE",
	"ScanningSequence": "GR",
	"SequenceVariant": "SK",
	"ScanOptions": "FS",
	"ImageType": ["ORIGINAL", "PRIMARY", "M", "FFE", "M", "FFE"],
	"SeriesNumber": 401,
	"AcquisitionTime": "19:07:16.570000",
	"AcquisitionNumber": 4,
	"PhilipsRescaleSlope": 3.13944,
	"PhilipsRescaleIntercept": 0,
	"PhilipsScaleSlope": 0.00048503,
	"UsePhilipsFloatNotDisplayScaling": 1,
	"SliceThickness": 4,
	"SpacingBetweenSlices": 4.114,
	"SAR": 0.254501,
	"EchoTime": 0.046,
	"RepetitionTime": 2.777,
	"FlipAngle": 90,
	"PercentPhaseFOV": 100,
	"EchoTrainLength": 39,
	"PhaseEncodingSteps": 64,
	"AcquisitionMatrixPE": 64,
	"ReconMatrixPE": 64,
	"PixelBandwidth": 2094,
	"PhaseEncodingAxis": "j",
	"ImageOrientationPatientDICOM": [
		0.998464,
		0.0225777,
		-0.0505955,
		-0.0201636,
		0.998657,
		0.0477276	],
	"InPlanePhaseEncodingDirectionDICOM": "COL",
	"ConversionSoftware": "dcm2niix",
	"ConversionSoftwareVersion": "v1.0.20180622 (JP2:OpenJPEG) GCC6.1.0"
}
