{
	"Modality": "MR",
	"MagneticFieldStrength": 1.5,
	"Manufacturer": "Philips",
	"ManufacturersModelName": "Achieva",
	"InstitutionName": "IM-FUNDACION_FAVALORO",
	"InstitutionalDepartmentName": "Resonancia_Magnetica",
	"DeviceSerialNumber": "32302",
	"StationName": "PHILIPS-0C454FB",
	"BodyPartExamined": "HEAD",
	"PatientPosition": "HFS",
	"ProcedureStepDescription": "RM_DE_CEREBRO",
	"SoftwareVersions": "3.2.3",
	"MRAcquisitionType": "3D",
	"SeriesDescription": "eT1W_3D_TFE",
	"ProtocolName": "eT1W_3D_TFE",
	"ScanningSequence": "GR",
	"SequenceVariant": "MP",
	"ScanOptions": "OTHER",
	"ImageType": ["ORIGINAL", "PRIMARY", "M", "FFE", "M", "FFE"],
	"SeriesNumber": 302,
	"AcquisitionTime": "19:00:25.340000",
	"AcquisitionNumber": 3,
	"PhilipsRescaleSlope": 9.29695,
	"PhilipsRescaleIntercept": 0,
	"PhilipsScaleSlope": 0.000274705,
	"UsePhilipsFloatNotDisplayScaling": 1,
	"SliceThickness": 1,
	"SpacingBetweenSlices": 1,
	"SAR": 0.152338,
	"EchoTime": 0.003431,
	"RepetitionTime": 0.0075549,
	"FlipAngle": 8,
	"PercentPhaseFOV": 100,
	"EchoTrainLength": 232,
	"PhaseEncodingSteps": 232,
	"AcquisitionMatrixPE": 232,
	"ReconMatrixPE": 256,
	"PixelBandwidth": 217,
	"ImageOrientationPatientDICOM": [
		-0.0302429,
		0.999542,
		0.000517634,
		-0.061605,
		-0.00134708,
		-0.9981	],
	"InPlanePhaseEncodingDirectionDICOM": "ROW",
	"ConversionSoftware": "dcm2niix",
	"ConversionSoftwareVersion": "v1.0.20180622 (JP2:OpenJPEG) GCC6.1.0"
}
